GIT
  remote: git://github.com/floehopper/mocha.git
  revision: 2b4e868d1907859cd03f407078bd8b630f7d0dd6
  specs:
    mocha (0.9.12.20110213002255)

GIT
  remote: git://github.com/relevance/rcov.git
  revision: 77b7cae1ddb703a998c203627b0e127571efc227
  specs:
    rcov (0.9.9)

GIT
  remote: git://github.com/thoughtbot/shoulda.git
  revision: 36ef11123b454a6eca60c6e5d2fc2fd98ddf72b0
  specs:
    shoulda (3.0.0.beta2)
      shoulda-context (~> 1.0.0.beta1)
      shoulda-matchers (~> 1.0.0.beta1)

GEM
  remote: http://rubygems.org/
  remote: http://gems.github.com/
  specs:
    actionmailer (2.3.4)
      actionpack (= 2.3.4)
    actionpack (2.3.4)
      activesupport (= 2.3.4)
      rack (~> 1.0.0)
    activerecord (2.3.4)
      activesupport (= 2.3.4)
    activeresource (2.3.4)
      activesupport (= 2.3.4)
    activesupport (2.3.4)
    authlogic (2.1.6)
      activesupport
    columnize (0.3.2)
    faker (0.3.1)
    linecache (0.43)
    populator (1.0.0)
    rack (1.0.1)
    rails (2.3.4)
      actionmailer (= 2.3.4)
      actionpack (= 2.3.4)
      activerecord (= 2.3.4)
      activeresource (= 2.3.4)
      activesupport (= 2.3.4)
      rake (>= 0.8.3)
    rake (0.8.7)
    ruby-debug (0.10.4)
      columnize (>= 0.1)
      ruby-debug-base (~> 0.10.4.0)
    ruby-debug-base (0.10.4)
      linecache (>= 0.3)
    searchlogic (2.4.28)
      activerecord (>= 2.0.0)
    shoulda-context (1.0.0.beta1)
    shoulda-matchers (1.0.0.beta2)
    sqlite3 (1.3.3)
    will_paginate (2.3.15)

PLATFORMS
  ruby

DEPENDENCIES
  authlogic
  faker (= 0.3.1)
  mocha!
  populator
  rails (= 2.3.4)
  rcov!
  ruby-debug
  searchlogic
  shoulda!
  sqlite3
  will_paginate
