GIT
  remote: git://github.com/floehopper/mocha.git
  revision: 2b4e868d1907859cd03f407078bd8b630f7d0dd6
  specs:
    mocha (0.9.12.20110213002255)

GIT
  remote: git://github.com/relevance/rcov.git
  revision: 77b7cae1ddb703a998c203627b0e127571efc227
  specs:
    rcov (0.9.9)

GIT
  remote: git://github.com/rgrove/sanitize.git
  revision: 1c8291fa7a446bdda4162f2f61ffbd929e9f4169
  specs:
    sanitize (2.0.1)
      nokogiri (~> 1.4.4)

GIT
  remote: git://github.com/thoughtbot/shoulda.git
  revision: 36ef11123b454a6eca60c6e5d2fc2fd98ddf72b0
  specs:
    shoulda (3.0.0.beta2)
      shoulda-context (~> 1.0.0.beta1)
      shoulda-matchers (~> 1.0.0.beta1)

GEM
  remote: http://rubygems.org/
  remote: http://gems.github.com/
  specs:
    activemodel (3.0.5)
      activesupport (= 3.0.5)
      builder (~> 2.1.2)
      i18n (~> 0.4)
    activerecord (3.0.5)
      activemodel (= 3.0.5)
      activesupport (= 3.0.5)
      arel (~> 2.0.2)
      tzinfo (~> 0.3.23)
    activesupport (3.0.5)
    arel (2.0.9)
    authlogic (2.1.6)
      activesupport
    builder (2.1.2)
    faker (0.3.1)
    i18n (0.5.0)
    nokogiri (1.4.4)
    populator (1.0.0)
    searchlogic (2.4.28)
      activerecord (>= 2.0.0)
    shoulda-context (1.0.0.beta1)
    shoulda-matchers (1.0.0.beta2)
    tzinfo (0.3.25)
    will_paginate (2.3.15)

PLATFORMS
  ruby

DEPENDENCIES
  authlogic
  faker (= 0.3.1)
  mocha!
  populator
  rcov!
  sanitize!
  searchlogic
  shoulda!
  will_paginate
