GIT
  remote: git://github.com/floehopper/mocha.git
  revision: 2b4e868d1907859cd03f407078bd8b630f7d0dd6
  specs:
    mocha (0.9.12.20110213002255)

GIT
  remote: git://github.com/relevance/rcov.git
  revision: 77b7cae1ddb703a998c203627b0e127571efc227
  specs:
    rcov (0.9.9)

GIT
  remote: git://github.com/thoughtbot/shoulda.git
  revision: 36ef11123b454a6eca60c6e5d2fc2fd98ddf72b0
  specs:
    shoulda (3.0.0.beta2)
      shoulda-context (~> 1.0.0.beta1)
      shoulda-matchers (~> 1.0.0.beta1)

PATH
  remote: vendor/gems/tropo-tropo-webapi-ruby
  specs:
    tropo-webapi-ruby (0.1.10)
      hashie (>= 0.2.0)
      json_pure (>= 1.2.0)

GEM
  remote: http://rubygems.org/
  remote: http://gems.github.com/
  specs:
    actionmailer (2.3.11)
      actionpack (= 2.3.11)
    actionpack (2.3.11)
      activesupport (= 2.3.11)
      rack (~> 1.1.0)
    activerecord (2.3.11)
      activesupport (= 2.3.11)
    activeresource (2.3.11)
      activesupport (= 2.3.11)
    activesupport (2.3.11)
    addressable (2.2.4)
    authlogic (2.1.6)
      activesupport
    columnize (0.3.2)
    faker (0.3.1)
    faraday (0.5.7)
      addressable (~> 2.2.4)
      multipart-post (~> 1.1.0)
      rack (< 2, >= 1.1.0)
    faraday_middleware (0.3.2)
      faraday (~> 0.5.4)
    hashie (1.0.0)
    json (1.5.1)
    json_pure (1.5.1)
    linecache (0.43)
    multi_json (0.0.5)
    multi_xml (0.2.1)
    multipart-post (1.1.0)
    oauth (0.4.4)
    oauth-plugin (0.3.14)
      oauth (>= 0.3.5)
    populator (1.0.0)
    rack (1.1.2)
    rails (2.3.11)
      actionmailer (= 2.3.11)
      actionpack (= 2.3.11)
      activerecord (= 2.3.11)
      activeresource (= 2.3.11)
      activesupport (= 2.3.11)
      rake (>= 0.8.3)
    rake (0.8.7)
    ruby-debug (0.10.4)
      columnize (>= 0.1)
      ruby-debug-base (~> 0.10.4.0)
    ruby-debug-base (0.10.4)
      linecache (>= 0.3)
    searchlogic (2.5.4)
      activerecord (~> 2.3.11)
      activerecord (~> 2.3.11)
    shoulda-context (1.0.0.beta1)
    shoulda-matchers (1.0.0.beta2)
    simple_oauth (0.1.4)
    sqlite3 (1.3.3)
    twitter (1.1.2)
      faraday (~> 0.5.4)
      faraday_middleware (~> 0.3.1)
      hashie (~> 1.0.0)
      multi_json (~> 0.0.5)
      multi_xml (~> 0.2.0)
      simple_oauth (~> 0.1.3)
    will_paginate (2.3.15)

PLATFORMS
  ruby

DEPENDENCIES
  authlogic
  faker (= 0.3.1)
  json
  mocha!
  oauth
  oauth-plugin
  populator
  rails (= 2.3.11)
  rcov!
  ruby-debug
  searchlogic
  shoulda!
  sqlite3
  tropo-webapi-ruby!
  twitter
  will_paginate
